REDIRECTS: ON
NUGET
  remote: https://www.nuget.org/api/v2
    FAKE (4.30.2)
    FSharp.Compiler.Service (2.0.0.6)
    FSharp.Core (4.0.0.1)
    FSharp.Formatting (2.14.4)
      FSharp.Compiler.Service (2.0.0.6)
      FSharpVSPowerTools.Core (>= 2.3 < 2.4)
    FSharpVSPowerTools.Core (2.3)
      FSharp.Compiler.Service (>= 2.0.0.3)
    FsUnit.xUnit (1.3.1)
      xunit (1.9.2)
    Microsoft.Azure.DocumentDB (1.9)
      Newtonsoft.Json (>= 6.0.8)
    Newtonsoft.Json (6.0.8)
    NuGet.CommandLine (3.4.3)
    xunit (1.9.2)
    xunit.runner.visualstudio (2.1)
    xunit.runners (1.9.2)
GITHUB
  remote: fsprojects/FSharp.TypeProviders.StarterPack
    src/ProvidedTypes.fs (8f647a4cde71bdeda10e7f5b534ec3c879601570)
    src/ProvidedTypes.fsi (8f647a4cde71bdeda10e7f5b534ec3c879601570)